GEM
  remote: http://rubygems.org/
  specs:
    diff-lcs (1.1.3)
    haml (3.1.7)
    httparty (0.8.3)
      multi_json (~> 1.0)
      multi_xml
    json (1.7.4)
    multi_json (1.3.6)
    multi_xml (0.5.1)
    neography (0.0.29)
      httparty (>= 0.8.1)
      json
      multi_json
      os
      rake (>= 0.8.7)
      rubyzip
    net-http-spy (0.2.1)
    os (0.9.6)
    rack (1.4.1)
    rack-protection (1.2.0)
      rack
    rack-test (0.6.1)
      rack (>= 1.0)
    rake (0.9.2.2)
    rspec (2.11.0)
      rspec-core (~> 2.11.0)
      rspec-expectations (~> 2.11.0)
      rspec-mocks (~> 2.11.0)
    rspec-core (2.11.1)
    rspec-expectations (2.11.2)
      diff-lcs (~> 1.1.3)
    rspec-mocks (2.11.2)
    rubyzip (0.9.9)
    sinatra (1.3.2)
      rack (~> 1.3, >= 1.3.6)
      rack-protection (~> 1.2)
      tilt (~> 1.3, >= 1.3.3)
    tilt (1.3.3)

PLATFORMS
  ruby

DEPENDENCIES
  haml
  json
  neography
  net-http-spy
  rack-test
  rspec
  sinatra
